GEM
  remote: http://rubygems.org/
  specs:
    activerecord (2.3.14)
      activesupport (= 2.3.14)
    activesupport (2.3.14)
    builder (3.0.0)
    cucumber (1.0.3)
      builder (>= 2.1.2)
      diff-lcs (>= 1.1.2)
      gherkin (~> 2.4.18)
      json (>= 1.4.6)
      term-ansicolor (>= 1.0.6)
    database_cleaner (0.6.7)
    diff-lcs (1.1.3)
    gherkin (2.4.18)
      json (>= 1.4.6)
    json (1.6.0)
    mysql (2.8.1)
    rspec (2.6.0)
      rspec-core (~> 2.6.0)
      rspec-expectations (~> 2.6.0)
      rspec-mocks (~> 2.6.0)
    rspec-core (2.6.4)
    rspec-expectations (2.6.0)
      diff-lcs (~> 1.1.2)
    rspec-mocks (2.6.0)
    term-ansicolor (1.0.6)

PLATFORMS
  ruby

DEPENDENCIES
  activerecord (= 2.3.14)
  cucumber (= 1.0.3)
  database_cleaner
  mysql
  rspec
